GEM
  remote: https://rubygems.org/
  specs:
    builder (3.0.4)
    erubis (2.7.0)
    haml (4.0.0)
      tilt
    jwt (0.1.5)
      multi_json (>= 1.0)
    macaddr (1.6.1)
      systemu (~> 2.5.0)
    multi_json (1.6.1)
    oauth (0.4.7)
    rack (1.4.5)
    rack-protection (1.3.2)
      rack
    sinatra (1.3.4)
      rack (~> 1.4)
      rack-protection (~> 1.3)
      tilt (~> 1.3, >= 1.3.3)
    systemu (2.5.2)
    tilt (1.3.3)
    twilio-ruby (3.9.0)
      builder (>= 2.1.2)
      jwt (>= 0.1.2)
      multi_json (>= 1.3.0)
    uuid (2.3.7)
      macaddr (~> 1.0)

PLATFORMS
  ruby

DEPENDENCIES
  builder
  erubis
  haml
  oauth
  sinatra
  twilio-ruby
  uuid
